GEM
  remote: https://rubygems.org/
  specs:
    ast (2.4.2)
    diff-lcs (1.4.4)
    docile (1.3.5)
    ethon (0.14.0)
      ffi (>= 1.15.0)
    ffi (1.15.0)
    jaro_winkler (1.5.4)
    json (2.5.1)
    openssl (2.1.2)
    parallel (1.20.1)
    parser (3.0.1.1)
      ast (~> 2.4.1)
    rainbow (3.0.0)
    retries (0.0.5)
    rspec (3.8.0)
      rspec-core (~> 3.8.0)
      rspec-expectations (~> 3.8.0)
      rspec-mocks (~> 3.8.0)
    rspec-core (3.8.2)
      rspec-support (~> 3.8.0)
    rspec-expectations (3.8.6)
      diff-lcs (>= 1.2.0, < 2.0)
      rspec-support (~> 3.8.0)
    rspec-mocks (3.8.2)
      diff-lcs (>= 1.2.0, < 2.0)
      rspec-support (~> 3.8.0)
    rspec-support (3.8.3)
    rubocop (0.69.0)
      jaro_winkler (~> 1.5.1)
      parallel (~> 1.10)
      parser (>= 2.6)
      rainbow (>= 2.2.2, < 4.0)
      ruby-progressbar (~> 1.7)
      unicode-display_width (>= 1.4.0, < 1.7)
    ruby-progressbar (1.11.0)
    simplecov (0.16.1)
      docile (~> 1.1)
      json (>= 1.8, < 3)
      simplecov-html (~> 0.10.0)
    simplecov-html (0.10.2)
    swagger_aem (3.4.0)
      json (~> 2.1, >= 2.1.0)
      typhoeus (~> 1.0, >= 1.0.1)
    swagger_aem_osgi (1.0.0)
      json (~> 2.1, >= 2.1.0)
      typhoeus (~> 1.0, >= 1.0.1)
    typhoeus (1.4.0)
      ethon (>= 0.9.0)
    unicode-display_width (1.6.1)
    yaml-lint (0.0.10)
    yard (0.9.26)

PLATFORMS
  ruby

DEPENDENCIES
  openssl (= 2.1.2)
  retries (= 0.0.5)
  rspec (= 3.8.0)
  rubocop (= 0.69.0)
  simplecov (= 0.16.1)
  swagger_aem (= 3.4.0)
  swagger_aem_osgi (= 1.0.0)
  yaml-lint (= 0.0.10)
  yard (= 0.9.26)

BUNDLED WITH
   1.17.3
